GEM
  remote: https://rubygems.org/
  specs:
    alsa-rawmidi (0.3.1)
      ffi (~> 1.0)
    ffi (1.9.6)
    ffi-coremidi (0.3.5)
      ffi (~> 1.0)
    midi-jruby (0.1.4)
    midi-winmm (0.1.10)
      ffi (>= 1.0)
    rake (10.1.0)
    unimidi (0.4.5)
      alsa-rawmidi (~> 0)
      ffi-coremidi (~> 0)
      midi-jruby (~> 0)
      midi-winmm (~> 0)

PLATFORMS
  ruby

DEPENDENCIES
  rake
  unimidi
